GEM
  remote: http://rubygems.org/
  specs:
    bio (1.4.3.0001)
    git (1.2.5)
    jeweler (1.6.4)
      bundler (~> 1.0)
      git (>= 1.2.5)
      rake
    json (1.7.7)
    rake (0.9.2.2)
    shoulda (2.11.3)

PLATFORMS
  ruby

DEPENDENCIES
  bio (>= 1.4.3.0001)
  bundler (>= 1.0.0)
  jeweler (~> 1.6.4)
  json (>= 1.7)
  shoulda
